PATH
  remote: .
  specs:
    hub (1.10.6)

GEM
  remote: https://rubygems.org/
  specs:
    addressable (2.3.2)
    aruba (0.5.3)
      childprocess (>= 0.3.6)
      cucumber (>= 1.1.1)
      rspec-expectations (>= 2.7.0)
    bouncy-castle-java (1.5.0146.1)
    builder (3.2.2)
    childprocess (0.3.9)
      ffi (~> 1.0, >= 1.0.11)
    crack (0.3.1)
    cucumber (1.2.5)
      builder (>= 2.1.2)
      diff-lcs (>= 1.1.3)
      gherkin (~> 2.11.7)
      multi_json (~> 1.3)
    diff-lcs (1.2.4)
    ffi (1.9.0)
    ffi (1.9.0-java)
    gherkin (2.11.8)
      multi_json (~> 1.3)
    gherkin (2.11.8-java)
      multi_json (~> 1.3)
    hpricot (0.8.4)
    jruby-openssl (0.7.7)
      bouncy-castle-java (>= 1.5.0146.1)
    json (1.8.0)
    json (1.8.0-java)
    multi_json (1.7.7)
    mustache (0.99.4)
    rack (1.4.1)
    rack-protection (1.2.0)
      rack
    rake (0.9.2.2)
    rdiscount (1.6.8)
    ronn (0.7.3)
      hpricot (>= 0.8.2)
      mustache (>= 0.7.0)
      rdiscount (>= 1.5.8)
    rspec-expectations (2.14.0)
      diff-lcs (>= 1.1.3, < 2.0)
    sinatra (1.3.2)
      rack (~> 1.3, >= 1.3.6)
      rack-protection (~> 1.2)
      tilt (~> 1.3, >= 1.3.3)
    tilt (1.3.3)
    webmock (1.9.0)
      addressable (>= 2.2.7)
      crack (>= 0.1.7)

PLATFORMS
  java
  ruby

DEPENDENCIES
  aruba (~> 0.5.3)
  cucumber (~> 1.2.1)
  hub!
  jruby-openssl
  json
  rake
  ronn
  sinatra
  webmock
